GIT
  remote: git://github.com/everypolitician/field_serializer.git
  revision: 26d1a15080a4a0ab821ce74652afc16ff86883d5
  specs:
    field_serializer (0.1.0)

GIT
  remote: https://github.com/openaustralia/scraperwiki-ruby.git
  revision: fc50176812505e463077d5c673d504a6a234aa78
  branch: morph_defaults
  specs:
    scraperwiki (3.0.1)
      httpclient
      sqlite_magic

GEM
  remote: https://rubygems.org/
  specs:
    coderay (1.1.1)
    colorize (0.8.1)
    excon (0.52.0)
    execjs (2.7.0)
    faraday (0.9.2)
      multipart-post (>= 1.2, < 3)
    faraday_middleware (0.10.0)
      faraday (>= 0.7.4, < 0.10)
    fuzzy_match (2.1.0)
    hashie (3.4.4)
    httpclient (2.8.2.4)
    method_source (0.8.2)
    mini_portile2 (2.1.0)
    multipart-post (2.0.0)
    nokogiri (1.6.8)
      mini_portile2 (~> 2.1.0)
      pkg-config (~> 1.1.7)
    open-uri-cached (0.0.5)
    pkg-config (1.1.7)
    pry (0.10.4)
      coderay (~> 1.1.0)
      method_source (~> 0.8.1)
      slop (~> 3.4)
    slop (3.6.0)
    sqlite3 (1.3.11)
    sqlite_magic (0.0.6)
      sqlite3
    wikidata-client (0.0.10)
      excon (~> 0.40)
      faraday (~> 0.9)
      faraday_middleware (~> 0.9)
      hashie (~> 3.3)

PLATFORMS
  ruby

DEPENDENCIES
  colorize
  execjs
  field_serializer!
  fuzzy_match
  nokogiri
  open-uri-cached
  pry
  scraperwiki!
  wikidata-client (~> 0.0.7)

RUBY VERSION
   ruby 2.3.1p112

BUNDLED WITH
   1.13.5
